GEM
  remote: https://rubygems.org/
  specs:
    dotenv (2.1.0)
    newrelic_rpm (3.15.0.314)
    puma (2.14.0)
    rack (1.6.4)
    rack-protection (1.5.3)
      rack
    redis (3.2.2)
    sinatra (1.4.7)
      rack (~> 1.5)
      rack-protection (~> 1.4)
      tilt (>= 1.3, < 3)
    tilt (2.0.2)

PLATFORMS
  ruby

DEPENDENCIES
  dotenv
  newrelic_rpm
  puma
  redis
  sinatra

BUNDLED WITH
   1.11.2
