GEM
  remote: https://rubygems.org/
  specs:
    airbrake (5.0.5)
      airbrake-ruby (~> 1.0)
    airbrake-ruby (1.0.4)
    dotenv (2.1.0)
    rack (1.6.4)
    rack-protection (1.5.3)
      rack
    redis (3.2.2)
    sinatra (1.4.7)
      rack (~> 1.5)
      rack-protection (~> 1.4)
      tilt (>= 1.3, < 3)
    tilt (2.0.2)

PLATFORMS
  ruby

DEPENDENCIES
  airbrake
  dotenv
  redis
  sinatra

BUNDLED WITH
   1.11.2
